GEM
  remote: https://rubygems.org/
  specs:
    coderay (1.1.3)
    colorize (0.8.1)
    diff-lcs (1.5.0)
    dotenv (2.8.1)
    lizarb (1.0.5)
      colorize (~> 0.8)
      diff-lcs (~> 1.5)
      dotenv (~> 2.8)
      pry (~> 0.14.2)
      tty-prompt (~> 0.23.1)
      zeitwerk (~> 2.6)
    method_source (1.0.0)
    pastel (0.8.0)
      tty-color (~> 0.5)
    pry (0.14.2)
      coderay (~> 1.1)
      method_source (~> 1.0)
    tty-color (0.6.0)
    tty-cursor (0.7.1)
    tty-prompt (0.23.1)
      pastel (~> 0.8)
      tty-reader (~> 0.8)
    tty-reader (0.9.0)
      tty-cursor (~> 0.7)
      tty-screen (~> 0.8)
      wisper (~> 2.0)
    tty-screen (0.8.1)
    wisper (2.0.1)
    zeitwerk (2.6.12)

PLATFORMS
  x86_64-linux

DEPENDENCIES
  lizarb (~> 1.0.5)

BUNDLED WITH
   2.3.22
